PATH
  remote: .
  specs:
    listlace (0.2.2)
      bundler (~> 1.5)
      pry (~> 0.9)
      ruby-mpd (~> 0.3, >= 0.3.1)

GEM
  remote: https://rubygems.org/
  specs:
    coderay (1.1.0)
    method_source (0.8.2)
    pry (0.9.12.6)
      coderay (~> 1.0)
      method_source (~> 0.8)
      slop (~> 3.4)
    ruby-mpd (0.3.1)
    slop (3.5.0)

PLATFORMS
  ruby

DEPENDENCIES
  listlace!
