GIT
  remote: git://github.com/yjerem/mplayer-ruby.git
  revision: ffa7213d1c0340fa79aa794929affba65d4cff28
  specs:
    mplayer-ruby (0.1.0)
      open4 (>= 1.0.1)

PATH
  remote: .
  specs:
    listlace (0.0.1)
      activerecord
      activesupport
      mplayer-ruby
      plist
      pry
      sqlite3

GEM
  remote: http://rubygems.org/
  specs:
    activemodel (3.2.8)
      activesupport (= 3.2.8)
      builder (~> 3.0.0)
    activerecord (3.2.8)
      activemodel (= 3.2.8)
      activesupport (= 3.2.8)
      arel (~> 3.0.2)
      tzinfo (~> 0.3.29)
    activesupport (3.2.8)
      i18n (~> 0.6)
      multi_json (~> 1.0)
    arel (3.0.2)
    builder (3.0.0)
    coderay (1.0.7)
    i18n (0.6.0)
    method_source (0.8)
    multi_json (1.3.6)
    open4 (1.3.0)
    plist (3.1.0)
    pry (0.9.10)
      coderay (~> 1.0.5)
      method_source (~> 0.8)
      slop (~> 3.3.1)
    rake (0.9.2.2)
    slop (3.3.2)
    sqlite3 (1.3.6)
    tzinfo (0.3.33)

PLATFORMS
  ruby

DEPENDENCIES
  listlace!
  mplayer-ruby!
  rake
